GEM
  remote: http://rubygems.org/
  specs:
    byebug (10.0.2)
    concurrent-ruby (1.1.4)
    lazy_priority_queue (0.1.1)
    parallel (1.12.1)
    pg (1.1.4)
    pg (1.1.4-x64-mingw32)
    rgl (0.5.3)
      lazy_priority_queue (~> 0.1.0)
      stream (~> 0.5.0)
    sequel (5.16.0)
    stream (0.5.2)

PLATFORMS
  ruby
  x64-mingw32

DEPENDENCIES
  byebug
  concurrent-ruby
  parallel
  pg
  rgl
  sequel

BUNDLED WITH
   1.17.3
